GEM
  remote: https://rubygems.org/
  specs:
    code_tools (4.2.0)
      colorize (~> 0.7.7)
      nokogiri (~> 1.6)
      tzinfo (~> 1.2)
    colorize (0.7.7)
    mini_portile2 (2.0.0)
    nokogiri (1.6.7.1)
      mini_portile2 (~> 2.0.0.rc2)
    thread_safe (0.3.5)
    tzinfo (1.2.2)
      thread_safe (~> 0.1)

PLATFORMS
  ruby

DEPENDENCIES
  code_tools

BUNDLED WITH
   1.10.6
